PATH
  remote: .
  specs:
    spec_support (0.0.2)
      rspec

GEM
  remote: http://rubygems.org/
  specs:
    diff-lcs (1.1.3)
    rspec (2.7.0)
      rspec-core (~> 2.7.0)
      rspec-expectations (~> 2.7.0)
      rspec-mocks (~> 2.7.0)
    rspec-core (2.7.1)
    rspec-expectations (2.7.0)
      diff-lcs (~> 1.1.2)
    rspec-mocks (2.7.0)
    sqlite3 (1.3.5)

PLATFORMS
  ruby

DEPENDENCIES
  spec_support!
  sqlite3
